GIT
  remote: git://github.com/gregory-m/warden-hmac-authentication.git
  revision: 0063dd85eeefebcad54cadc2cf4b53be05705648
  specs:
    warden-hmac-authentication (0.6.2)
      rack
      warden

GEM
  remote: http://rubygems.org/
  specs:
    activemodel (3.2.8)
      activesupport (= 3.2.8)
      builder (~> 3.0.0)
    activerecord (3.2.8)
      activemodel (= 3.2.8)
      activesupport (= 3.2.8)
      arel (~> 3.0.2)
      tzinfo (~> 0.3.29)
    activesupport (3.2.8)
      i18n (~> 0.6)
      multi_json (~> 1.0)
    arel (3.0.2)
    backports (2.6.4)
    builder (3.0.3)
    bunny (0.8.0)
    diff-lcs (1.1.3)
    eventmachine (1.0.0)
    faraday (0.8.4)
      multipart-post (~> 1.1)
    haml (3.1.7)
    i18n (0.6.1)
    multi_json (1.3.6)
    multipart-post (1.1.5)
    pg (0.14.1)
    rack (1.4.1)
    rack-flash3 (1.0.1)
      rack
      rack
    rack-protection (1.2.0)
      rack
    rack-test (0.6.2)
      rack (>= 1.0)
    rspec (2.11.0)
      rspec-core (~> 2.11.0)
      rspec-expectations (~> 2.11.0)
      rspec-mocks (~> 2.11.0)
    rspec-core (2.11.1)
    rspec-expectations (2.11.3)
      diff-lcs (~> 1.1.3)
    rspec-mocks (2.11.3)
    sinatra (1.3.3)
      rack (~> 1.3, >= 1.3.6)
      rack-protection (~> 1.2)
      tilt (~> 1.3, >= 1.3.3)
    sinatra-contrib (1.3.1)
      backports (>= 2.0)
      eventmachine
      rack-protection
      rack-test
      sinatra (~> 1.3.0)
      tilt (~> 1.3)
    slim (1.3.2)
      temple (~> 0.5.0)
      tilt (~> 1.3.3)
    temple (0.5.4)
    thor (0.16.0)
    tilt (1.3.3)
    tzinfo (0.3.33)
    warden (1.2.1)
      rack (>= 1.0)

PLATFORMS
  ruby

DEPENDENCIES
  activerecord
  activesupport
  bunny
  faraday
  haml
  pg
  rack-flash3
  rspec
  sinatra
  sinatra-contrib
  slim
  thor
  warden
  warden-hmac-authentication!
